GEM
  remote: https://rubygems.org/
  specs:
    activemodel (3.2.8)
      activesupport (= 3.2.8)
      builder (~> 3.0.0)
    activesupport (3.2.8)
      i18n (~> 0.6)
      multi_json (~> 1.0)
    agnostic-will_paginate (3.0.0)
    arrayfields (4.7.4)
    backports (2.6.2)
    bson (1.6.4)
    bson_ext (1.6.4)
      bson (~> 1.6.4)
    builder (3.0.0)
    chronic (0.7.0)
    coffee-script (2.2.0)
      coffee-script-source
      execjs
    coffee-script-source (1.3.3)
    daemons (1.1.9)
    eventmachine (0.12.10)
    execjs (1.4.0)
      multi_json (~> 1.0)
    fattr (2.2.1)
    haml (3.1.7)
    i18n (0.6.0)
    json (1.7.4)
    main (5.0.1)
      arrayfields (>= 4.7.4)
      chronic (>= 0.6.2)
      fattr (>= 2.2.0)
      map (>= 5.1.0)
    map (6.2.0)
    memcache-client (1.8.5)
    mongo (1.6.4)
      bson (~> 1.6.4)
    mongo3 (0.1.5)
      agnostic-will_paginate (>= 3.0.0)
      bson (>= 1.6.0)
      bson_ext (>= 1.6.0)
      json (>= 1.2.0)
      main (>= 4.2.0)
      memcache-client (>= 1.5.0)
      mongo (>= 1.5.0)
      mongo_rack (>= 0.0.1)
      sinatra (>= 1.3.0)
    mongo_ext (0.19.3)
    mongo_rack (0.0.5)
      mongo (>= 0.18.2)
      mongo_ext (>= 0.18.2)
      rack (>= 1.0.1)
    mongoid (3.0.4)
      activemodel (~> 3.1)
      moped (~> 1.1)
      origin (~> 1.0)
      tzinfo (~> 0.3.22)
    moped (1.2.0)
    multi_json (1.3.6)
    origin (1.0.6)
    rack (1.4.1)
    rack-protection (1.2.0)
      rack
    rack-test (0.6.1)
      rack (>= 1.0)
    sinatra (1.3.2)
      rack (~> 1.3, >= 1.3.6)
      rack-protection (~> 1.2)
      tilt (~> 1.3, >= 1.3.3)
    sinatra-contrib (1.3.1)
      backports (>= 2.0)
      eventmachine
      rack-protection
      rack-test
      sinatra (~> 1.3.0)
      tilt (~> 1.3)
    thin (1.4.1)
      daemons (>= 1.0.9)
      eventmachine (>= 0.12.6)
      rack (>= 1.0.0)
    tilt (1.3.3)
    tzinfo (0.3.33)

PLATFORMS
  ruby

DEPENDENCIES
  bson_ext (~> 1.6.4)
  coffee-script (~> 2.2.0)
  haml (~> 3.1.7)
  mongo3 (~> 0.1.5)
  mongoid (~> 3.0.4)
  sinatra (~> 1.3.2)
  sinatra-contrib (~> 1.3.1)
  thin (~> 1.4.1)
